GEM
  remote: https://rubygems.org/
  specs:
    ruby-prof (0.17.0)

PLATFORMS
  ruby

DEPENDENCIES
  ruby-prof

RUBY VERSION
   ruby 2.6.2p47

BUNDLED WITH
   1.17.2
